GENERATE-LOAD-SCRIPTS: OFF
STORAGE: NONE
RESTRICTION: == net5.0
NUGET
  remote: https://api.nuget.org/v3/index.json
    Dapr.Client (1.6)
      Google.Api.CommonProtos (>= 2.2)
      Google.Protobuf (>= 3.13)
      Grpc.Net.Client (>= 2.32)
      System.Net.Http.Json (>= 5.0)
    Fable.Core (3.6.2)
    Flurl (3.0.4)
    Flurl.Http (3.2.2)
      Flurl (>= 3.0.4)
      Newtonsoft.Json (>= 12.0.2)
      System.Text.Encoding.CodePages (>= 4.5.1)
    FSharp.Core (6.0.3)
    Google.Api.CommonProtos (2.5)
      Google.Protobuf (>= 3.18 < 4.0)
    Google.Protobuf (3.19.4)
    Grpc.Core.Api (2.44)
      System.Memory (>= 4.5.3)
    Grpc.Net.Client (2.43)
      Grpc.Net.Common (>= 2.43)
      Microsoft.Extensions.Logging.Abstractions (>= 3.0.3)
    Grpc.Net.Common (2.43)
      Grpc.Core.Api (>= 2.43)
    Microsoft.Extensions.Logging.Abstractions (6.0)
      System.Buffers (>= 4.5.1)
      System.Memory (>= 4.5.4)
    Newtonsoft.Json (13.0.1)
    NLog (4.7.14)
    Suave (2.6.2)
      FSharp.Core
    System.Buffers (4.5.1)
    System.Memory (4.5.4)
    System.Net.Http.Json (6.0)
      System.Text.Json (>= 6.0)
    System.Runtime.CompilerServices.Unsafe (6.0)
    System.Text.Encoding.CodePages (6.0)
      System.Runtime.CompilerServices.Unsafe (>= 6.0)
    System.Text.Encodings.Web (6.0)
      System.Runtime.CompilerServices.Unsafe (>= 6.0)
    System.Text.Json (6.0.2)
      System.Runtime.CompilerServices.Unsafe (>= 6.0)
      System.Text.Encodings.Web (>= 6.0)
    Thoth.Json.Net (8.0)
      Fable.Core (>= 3.0 < 4.0)
      FSharp.Core (>= 4.7.2)
      Newtonsoft.Json (>= 11.0.2)
